PATH
  remote: .
  specs:
    rubydiff (0.1.0)

GEM
  remote: https://rubygems.org/
  specs:
    rake (13.0.1)

PLATFORMS
  ruby

DEPENDENCIES
  bundler (~> 1.17)
  rake (~> 13.0)
  rubydiff!

BUNDLED WITH
   1.17.2
